GIT
  remote: git://github.com/instedd/ruby-hub_client.git
  revision: c7a25923bd3d51fa32c541c69401396aa2a17a4a
  branch: master
  specs:
    hub_client (0.0.1)
      alto_guisso
      rails
      rest-client

GIT
  remote: https://github.com/cameel/gettext.git
  revision: c3a83734eea5029d067783127398ddf765f7265c
  ref: c3a8373
  specs:
    gettext (2.0.0)
      locale

GIT
  remote: https://github.com/instedd/alto_guisso.git
  revision: 6d72573c211f45ff95d36847af733449acdfa04a
  branch: master
  specs:
    alto_guisso (0.0.2)
      rack-oauth2

GIT
  remote: https://github.com/instedd/alto_guisso_rails.git
  revision: bd944d08c59e5835285f0d956fb1fb00402fc385
  branch: master
  specs:
    alto_guisso_rails (0.0.1)
      alto_guisso
      omniauth
      omniauth-openid
      rack-oauth2
      rails (>= 3.0)
      ruby-openid

GIT
  remote: https://github.com/instedd/recurring_select
  revision: a20ad65f609239cd9d37dd8904dc9a43726cef31
  branch: instedd
  specs:
    recurring_select (1.2.1)
      coffee-rails (>= 3.1)
      ice_cube (>= 0.11)
      jquery-rails (>= 3.0)
      rails (>= 3.2)
      sass-rails (>= 3.1)

GIT
  remote: https://github.com/instedd/telemetry_rails.git
  revision: db0ef5c0e72b8a944befb7b9b88beedb876b296c
  specs:
    instedd_telemetry (0.0.1)
      global_phone
      global_phone_dbgen
      rails

GIT
  remote: https://github.com/jeffp/enumerated_attribute.git
  revision: 84221b872f7f71152994b212520c833742a263e3
  specs:
    enumerated_attribute (0.3.0.beta1)
      meta_programming (>= 0.2.1)

GIT
  remote: https://github.com/manastech/knockout_forms-rails.git
  revision: 25ec7543d2a4a83ba10b5d48964a0a0fb7019d71
  tag: v1.0.2
  specs:
    knockout_forms-rails (1.0.1)
      actionpack (>= 3, < 5)
      railties (>= 3.1, < 5)

GEM
  remote: http://rubygems.org/
  specs:
    actionmailer (3.2.21)
      actionpack (= 3.2.21)
      mail (~> 2.5.4)
    actionpack (3.2.21)
      activemodel (= 3.2.21)
      activesupport (= 3.2.21)
      builder (~> 3.0.0)
      erubis (~> 2.7.0)
      journey (~> 1.0.4)
      rack (~> 1.4.5)
      rack-cache (~> 1.2)
      rack-test (~> 0.6.1)
      sprockets (~> 2.2.1)
    activemodel (3.2.21)
      activesupport (= 3.2.21)
      builder (~> 3.0.0)
    activerecord (3.2.21)
      activemodel (= 3.2.21)
      activesupport (= 3.2.21)
      arel (~> 3.0.2)
      tzinfo (~> 0.3.29)
    activerecord-import (0.3.1)
      activerecord (~> 3.0)
    activeresource (3.2.21)
      activemodel (= 3.2.21)
      activesupport (= 3.2.21)
    activesupport (3.2.21)
      i18n (~> 0.6, >= 0.6.4)
      multi_json (~> 1.0)
    acts_as_list (0.1.4)
    addressable (2.2.6)
    airbrussh (1.1.1)
      sshkit (>= 1.6.1, != 1.7.0)
    ansi (1.3.0)
    arel (3.0.3)
    attr_required (1.0.0)
    bcrypt (3.1.10)
    bcrypt-ruby (3.1.5)
      bcrypt (>= 3.1.3)
    bootstrap-kaminari-views (0.0.5)
      kaminari (>= 0.13)
      rails (>= 3.1)
    breadcrumbs_on_rails (2.3.0)
    builder (3.0.4)
    byebug (3.5.1)
      columnize (~> 0.8)
      debugger-linecache (~> 1.2)
      slop (~> 3.6)
    cancan (1.6.7)
    capistrano (3.6.1)
      airbrussh (>= 1.0.0)
      capistrano-harrow
      i18n
      rake (>= 10.0.0)
      sshkit (>= 1.9.0)
    capistrano-bundler (1.2.0)
      capistrano (~> 3.1)
      sshkit (~> 1.2)
    capistrano-harrow (0.5.3)
    capistrano-rails (1.2.0)
      capistrano (~> 3.1)
      capistrano-bundler (~> 1.1)
    capistrano-rvm (0.1.2)
      capistrano (~> 3.0)
      sshkit (~> 1.2)
    coderay (1.1.0)
    coffee-rails (3.2.2)
      coffee-script (>= 2.2.0)
      railties (~> 3.2.0)
    coffee-script (2.2.0)
      coffee-script-source
      execjs
    coffee-script-source (1.7.0)
    columnize (0.9.0)
    crack (0.3.1)
    debugger-linecache (1.2.0)
    delayed_job (4.0.1)
      activesupport (>= 3.0, < 4.2)
    delayed_job_active_record (4.0.1)
      activerecord (>= 3.0, < 4.2)
      delayed_job (>= 3.0, < 4.1)
    devise (1.5.4)
      bcrypt-ruby (~> 3.0)
      orm_adapter (~> 0.0.3)
      warden (~> 1.1)
    diff-lcs (1.1.3)
    domain_name (0.5.7)
      unf (~> 0.0.3)
    dotenv (0.7.0)
    erubis (2.7.0)
    execjs (2.0.2)
    faker (1.0.1)
      i18n (~> 0.4)
    fancybox-rails (0.1.4)
      railties (>= 3.1.0)
    fast_gettext (0.9.2)
    foreman (0.64.0)
      dotenv (~> 0.7.0)
      thor (>= 0.13.6)
    gettext_i18n_rails (1.2.1)
      fast_gettext (>= 0.9.0)
    global_phone (1.0.1)
    global_phone_dbgen (1.0.0)
      nokogiri (~> 1.5)
    gon (5.2.3)
      actionpack (>= 2.3.0)
      json
      multi_json
      request_store (>= 1.0.5)
    guid (0.1.1)
    haml (4.0.5)
      tilt
    haml-rails (0.4)
      actionpack (>= 3.1, < 4.1)
      activesupport (>= 3.1, < 4.1)
      haml (>= 3.1, < 4.1)
      railties (>= 3.1, < 4.1)
    hashie (3.4.0)
    hike (1.2.3)
    hpricot (0.8.4)
    http-cookie (1.0.2)
      domain_name (~> 0.5)
    httpclient (2.6.0.1)
    i18n (0.7.0)
    ice_cube (0.12.0)
    io-console (0.4.2)
    journey (1.0.4)
    jquery-rails (3.1.0)
      railties (>= 3.0, < 5.0)
      thor (>= 0.14, < 2.0)
    json (1.8.3)
    kaminari (0.16.3)
      actionpack (>= 3.0.0)
      activesupport (>= 3.0.0)
    knockoutjs-rails (3.3.0.1)
      railties (>= 3.1, < 5)
    licit (0.2.1)
    listings (0.1.6)
      bootstrap-kaminari-views
      haml-rails
      kaminari
      rails
      sass-rails
    locale (2.0.5)
    lograge (0.3.6)
      actionpack (>= 3)
      activesupport (>= 3)
      railties (>= 3)
    machinist (2.0)
    mail (2.5.4)
      mime-types (~> 1.16)
      treetop (~> 1.4.8)
    mechanize (2.1.1)
      domain_name (~> 0.5, >= 0.5.1)
      net-http-digest_auth (~> 1.1, >= 1.1.1)
      net-http-persistent (~> 2.4, >= 2.4.1)
      nokogiri (~> 1.4)
      ntlm-http (~> 0.1, >= 0.1.1)
      webrobots (~> 0.0, >= 0.0.9)
    meta_programming (0.2.2)
    metaclass (0.0.4)
    method_source (0.8.2)
    mime-types (1.25.1)
    mocha (1.0.0)
      metaclass (~> 0.0.1)
    multi_json (1.11.1)
    mysql2 (0.3.20)
    net-http-digest_auth (1.2.1)
    net-http-persistent (2.8)
    net-scp (1.2.1)
      net-ssh (>= 2.6.5)
    net-ssh (3.2.0)
    netrc (0.10.3)
    nokogiri (1.5.0)
    ntlm-http (0.1.1)
    nuntium_api (0.19)
      json
      rest-client
    omniauth (1.2.2)
      hashie (>= 1.2, < 4)
      rack (~> 1.0)
    omniauth-openid (1.0.1)
      omniauth (~> 1.0)
      rack-openid (~> 1.3.1)
    orm_adapter (0.0.7)
    polyglot (0.3.5)
    pry (0.10.1)
      coderay (~> 1.1.0)
      method_source (~> 0.8.1)
      slop (~> 3.4)
    pry-byebug (3.0.1)
      byebug (~> 3.4)
      pry (~> 0.10)
    puma (3.0.2)
    rack (1.4.7)
    rack-cache (1.2)
      rack (>= 0.4)
    rack-oauth2 (1.2.0)
      activesupport (>= 2.3)
      attr_required (>= 0.0.5)
      httpclient (>= 2.4)
      multi_json (>= 1.3.6)
      rack (>= 1.1)
    rack-openid (1.3.1)
      rack (>= 1.1.0)
      ruby-openid (>= 2.1.8)
    rack-ssl (1.3.4)
      rack
    rack-test (0.6.3)
      rack (>= 1.0)
    rails (3.2.21)
      actionmailer (= 3.2.21)
      actionpack (= 3.2.21)
      activerecord (= 3.2.21)
      activeresource (= 3.2.21)
      activesupport (= 3.2.21)
      bundler (~> 1.0)
      railties (= 3.2.21)
    railties (3.2.21)
      actionpack (= 3.2.21)
      activesupport (= 3.2.21)
      rack-ssl (~> 1.3.2)
      rake (>= 0.8.7)
      rdoc (~> 3.4)
      thor (>= 0.14.6, < 2.0)
    rake (10.4.2)
    rdoc (3.12.2)
      json (~> 1.4)
    request_store (1.1.0)
    rest-client (1.8.0)
      http-cookie (>= 1.0.2, < 2.0)
      mime-types (>= 1.16, < 3.0)
      netrc (~> 0.7)
    rgviz (0.51)
    rgviz-rails (0.76)
      rails
      rgviz (>= 0.46)
    rspec (2.6.0)
      rspec-core (~> 2.6.0)
      rspec-expectations (~> 2.6.0)
      rspec-mocks (~> 2.6.0)
    rspec-core (2.6.4)
    rspec-expectations (2.6.0)
      diff-lcs (~> 1.1.2)
    rspec-mocks (2.6.0)
    rspec-rails (2.6.1)
      actionpack (~> 3.0)
      activesupport (~> 3.0)
      railties (~> 3.0)
      rspec (~> 2.6.0)
    ruby-openid (2.6.0)
    ruby_parser (2.3.1)
      sexp_processor (~> 3.0)
    rvm (1.9.2)
    sass (3.3.5)
    sass-rails (3.2.6)
      railties (~> 3.2.0)
      sass (>= 3.1.10)
      tilt (~> 1.3)
    sexp_processor (3.0.7)
    slop (3.6.0)
    sprockets (2.2.3)
      hike (~> 1.2)
      multi_json (~> 1.0)
      rack (~> 1.0)
      tilt (~> 1.1, != 1.3.0)
    sshkit (1.11.4)
      net-scp (>= 1.1.2)
      net-ssh (>= 2.8.0)
    thor (0.19.1)
    tilt (1.4.1)
    treetop (1.4.15)
      polyglot
      polyglot (>= 0.3.1)
    turn (0.8.2)
      ansi (>= 1.2.2)
    tzinfo (0.3.44)
    uglifier (1.0.3)
      execjs (>= 0.3.0)
      multi_json (>= 1.0.2)
    unf (0.0.5)
      unf_ext
    unf_ext (0.0.5)
    warden (1.2.3)
      rack (>= 1.0)
    webmock (1.7.6)
      addressable (~> 2.2, > 2.2.5)
      crack (>= 0.1.7)
    webrobots (0.0.13)
    wirble (0.1.3)

PLATFORMS
  ruby

DEPENDENCIES
  activerecord-import (~> 0.3.1)
  acts_as_list
  alto_guisso!
  alto_guisso_rails!
  breadcrumbs_on_rails (~> 2.3)
  cancan (~> 1.6.7)
  capistrano (~> 3.6)
  capistrano-bundler (~> 1.2)
  capistrano-rails (~> 1.2)
  capistrano-rvm
  coffee-rails (~> 3.2.0)
  delayed_job
  delayed_job_active_record
  devise (= 1.5.4)
  enumerated_attribute!
  faker
  fancybox-rails
  fast_gettext
  foreman (= 0.64.0)
  gettext!
  gettext_i18n_rails
  gon
  guid
  haml-rails
  hpricot
  hub_client!
  ice_cube
  instedd_telemetry!
  io-console
  jquery-rails
  kaminari
  knockout_forms-rails!
  knockoutjs-rails
  licit
  listings
  locale
  lograge
  machinist
  mechanize
  mocha
  mysql2 (~> 0.3.17)
  nokogiri
  nuntium_api
  omniauth
  omniauth-openid
  pry-byebug
  puma (~> 3.0.2)
  rack-oauth2
  rails (= 3.2.21)
  recurring_select!
  rest-client
  rgviz
  rgviz-rails
  rspec-rails
  ruby-openid
  ruby_parser
  rvm
  sass
  sass-rails (~> 3.2.0)
  turn
  uglifier
  webmock
  wirble

BUNDLED WITH
   1.11.2
